PATH
  remote: .
  specs:
    BeverageMaker (0.1.0)
      claide (>= 1.0.2, < 2.0)
      colored2 (~> 3.1)

GEM
  remote: https://rubygems.org/
  specs:
    claide (1.0.3)
    colored2 (3.1.2)
    diff-lcs (1.3)
    rake (12.3.3)
    rspec (3.9.0)
      rspec-core (~> 3.9.0)
      rspec-expectations (~> 3.9.0)
      rspec-mocks (~> 3.9.0)
    rspec-core (3.9.2)
      rspec-support (~> 3.9.3)
    rspec-expectations (3.9.2)
      diff-lcs (>= 1.2.0, < 2.0)
      rspec-support (~> 3.9.0)
    rspec-mocks (3.9.1)
      diff-lcs (>= 1.2.0, < 2.0)
      rspec-support (~> 3.9.0)
    rspec-support (3.9.3)

PLATFORMS
  ruby

DEPENDENCIES
  BeverageMaker!
  rake (~> 12.0)
  rspec (~> 3.0)

BUNDLED WITH
   2.1.4
